PATH
  remote: .
  specs:
    mai-ogi (0.1.0)
      grpc (~> 1.14.1)

GEM
  remote: https://rubygems.org/
  specs:
    diff-lcs (1.3)
    google-protobuf (3.19.2)
    googleapis-common-protos-types (1.0.2)
      google-protobuf (~> 3.0)
    grpc (1.14.1)
      google-protobuf (~> 3.1)
      googleapis-common-protos-types (~> 1.0.0)
    rake (10.5.0)
    rspec (3.8.0)
      rspec-core (~> 3.8.0)
      rspec-expectations (~> 3.8.0)
      rspec-mocks (~> 3.8.0)
    rspec-core (3.8.0)
      rspec-support (~> 3.8.0)
    rspec-expectations (3.8.1)
      diff-lcs (>= 1.2.0, < 2.0)
      rspec-support (~> 3.8.0)
    rspec-mocks (3.8.0)
      diff-lcs (>= 1.2.0, < 2.0)
      rspec-support (~> 3.8.0)
    rspec-support (3.8.0)

PLATFORMS
  ruby

DEPENDENCIES
  bundler (~> 1.16)
  mai-ogi!
  rake (~> 10.0)
  rspec (~> 3.0)

BUNDLED WITH
   1.16.3
